GEM
  remote: https://rubygems.org/
  specs:
    activesupport (4.1.2)
      i18n (~> 0.6, >= 0.6.9)
      json (~> 1.7, >= 1.7.7)
      minitest (~> 5.1)
      thread_safe (~> 0.1)
      tzinfo (~> 1.1)
    addressable (2.3.6)
    business_time (0.7.3)
      activesupport (>= 3.1.0)
      tzinfo
    crack (0.4.2)
      safe_yaml (~> 1.0.0)
    diff-lcs (1.2.5)
    encryptor (1.3.0)
    i18n (0.6.9)
    json (1.8.1)
    logger (1.2.8)
    mime-types (2.3)
    minitest (5.3.5)
    multi_json (1.10.1)
    mustache (0.99.5)
    rest-client (1.6.7)
      mime-types (>= 1.16)
    rspec (3.0.0)
      rspec-core (~> 3.0.0)
      rspec-expectations (~> 3.0.0)
      rspec-mocks (~> 3.0.0)
    rspec-core (3.0.2)
      rspec-support (~> 3.0.0)
    rspec-expectations (3.0.2)
      diff-lcs (>= 1.2.0, < 2.0)
      rspec-support (~> 3.0.0)
    rspec-mocks (3.0.2)
      rspec-support (~> 3.0.0)
    rspec-support (3.0.2)
    safe_yaml (1.0.3)
    simplecov (0.7.1)
      multi_json (~> 1.0)
      simplecov-html (~> 0.7.1)
    simplecov-html (0.7.1)
    slop (3.5.0)
    thread_safe (0.3.4)
    tzinfo (1.2.1)
      thread_safe (~> 0.1)
    vcr (2.9.2)
    webmock (1.18.0)
      addressable (>= 2.3.6)
      crack (>= 0.3.2)

PLATFORMS
  ruby

DEPENDENCIES
  business_time (= 0.7.3)
  encryptor (= 1.3.0)
  json (= 1.8.1)
  logger (= 1.2.8)
  mustache (= 0.99.5)
  rest-client (= 1.6.7)
  rspec (= 3.0.0)
  simplecov (~> 0.7.1)
  slop (= 3.5.0)
  vcr (= 2.9.2)
  webmock (= 1.18.0)
